GEM
  remote: https://rubygems.org/
  specs:
    byebug (10.0.2)
    coderay (1.1.2)
    coolline (0.5.0)
      unicode_utils (~> 1.4)
    diff-lcs (1.3)
    interception (0.5)
    method_source (0.9.0)
    pry (0.11.3)
      coderay (~> 1.1.0)
      method_source (~> 0.9.0)
    pry-byebug (3.6.0)
      byebug (~> 10.0)
      pry (~> 0.10)
    pry-coolline (0.2.5)
      coolline (~> 0.5)
    pry-doc (0.13.4)
      pry (~> 0.11)
      yard (~> 0.9.11)
    pry-rescue (1.4.5)
      interception (>= 0.5)
      pry
    rspec (3.8.0)
      rspec-core (~> 3.8.0)
      rspec-expectations (~> 3.8.0)
      rspec-mocks (~> 3.8.0)
    rspec-core (3.8.0)
      rspec-support (~> 3.8.0)
    rspec-expectations (3.8.1)
      diff-lcs (>= 1.2.0, < 2.0)
      rspec-support (~> 3.8.0)
    rspec-mocks (3.8.0)
      diff-lcs (>= 1.2.0, < 2.0)
      rspec-support (~> 3.8.0)
    rspec-support (3.8.0)
    unicode_utils (1.4.0)
    yard (0.9.16)

PLATFORMS
  ruby

DEPENDENCIES
  pry (~> 0.11.3)
  pry-byebug (~> 3.6)
  pry-coolline (~> 0.2.5)
  pry-doc (~> 0.13.4)
  pry-rescue (~> 1.4, >= 1.4.2)
  rspec (~> 3.7)

BUNDLED WITH
   1.16.3
